PATH
  remote: .
  specs:
    lazychess (0.1.0)

GEM
  remote: https://rubygems.org/
  specs:
    eventmachine (1.0.9.1)
    faye-websocket (0.10.2)
      eventmachine (>= 0.12.0)
      websocket-driver (>= 0.5.1)
    rake (10.5.0)
    websocket-driver (0.6.3)
      websocket-extensions (>= 0.1.0)
    websocket-extensions (0.1.2)

PLATFORMS
  ruby

DEPENDENCIES
  bundler (~> 1.10)
  eventmachine
  faye-websocket
  lazychess!
  rake (~> 10.0)

BUNDLED WITH
   1.10.6
